GEM
  remote: https://rubygems.org/
  specs:
    connection_pool (2.2.2)
    mustermann (1.0.3)
    rack (2.1.2)
    rack-protection (2.0.5)
      rack
    redis (4.1.0)
    sidekiq (5.2.3)
      connection_pool (~> 2.2, >= 2.2.2)
      rack-protection (>= 1.5.0)
      redis (>= 3.3.5, < 5)
    sinatra (2.0.5)
      mustermann (~> 1.0)
      rack (~> 2.0)
      rack-protection (= 2.0.5)
      tilt (~> 2.0)
    tilt (2.0.9)

PLATFORMS
  ruby

DEPENDENCIES
  redis (~> 4.1)
  sidekiq (~> 5.2)
  sinatra (~> 2.0)

BUNDLED WITH
   1.17.3
